GEM
  remote: https://rubygems.org/
  specs:
    rake (10.3.2)
    redis (3.1.0)

PLATFORMS
  ruby

DEPENDENCIES
  rake
  redis
